GEM
  remote: https://rubygems.org/
  specs:
    zlib (3.2.1)

PLATFORMS
  x86_64-linux

DEPENDENCIES
  zlib (~> 3.2, >= 3.2.1)

BUNDLED WITH
   2.3.20
