GEM
  remote: https://rubygems.org/
  specs:
    chunky_png (1.4.0)
    ed25519 (1.3.0)

PLATFORMS
  x86_64-linux

DEPENDENCIES
  chunky_png
  ed25519

BUNDLED WITH
   2.3.20
