GEM
  remote: https://rubygems.org/
  specs:
    activesupport (7.2.2.1)
      base64
      benchmark (>= 0.3)
      bigdecimal
      concurrent-ruby (~> 1.0, >= 1.3.1)
      connection_pool (>= 2.2.5)
      drb
      i18n (>= 1.6, < 2)
      logger (>= 1.4.2)
      minitest (>= 5.1)
      securerandom (>= 0.3)
      tzinfo (~> 2.0, >= 2.0.5)
    aes_key_wrap (1.1.0)
    base64 (0.2.0)
    benchmark (0.4.0)
    bigdecimal (3.1.9)
    bindata (2.5.0)
    chunky_png (1.4.0)
    concurrent-ruby (1.3.5)
    connection_pool (2.5.0)
    drb (2.2.1)
    faraday (2.12.2)
      faraday-net_http (>= 2.0, < 3.5)
      json
      logger
    faraday-follow_redirects (0.3.0)
      faraday (>= 1, < 3)
    faraday-net_http (3.4.0)
      net-http (>= 0.5.0)
    i18n (1.14.7)
      concurrent-ruby (~> 1.0)
    json (2.10.2)
    json-canonicalization (1.0.0)
    json-jwt (1.16.7)
      activesupport (>= 4.2)
      aes_key_wrap
      base64
      bindata
      faraday (~> 2.0)
      faraday-follow_redirects
    logger (1.7.0)
    minitest (5.25.5)
    net-http (0.6.0)
      uri
    securerandom (0.4.1)
    tzinfo (2.0.6)
      concurrent-ruby (~> 1.0)
    uri (1.0.3)

PLATFORMS
  x86_64-linux

DEPENDENCIES
  chunky_png
  json-canonicalization
  json-jwt

BUNDLED WITH
   2.3.20
